GEM
  remote: https://rubygems.org/
  specs:
    activesupport (4.2.5)
      i18n (~> 0.7)
      json (~> 1.7, >= 1.7.7)
      minitest (~> 5.1)
      thread_safe (~> 0.3, >= 0.3.4)
      tzinfo (~> 1.1)
    i18n (0.7.0)
    iso-639 (0.2.5)
    json (1.8.3)
    mini_portile (0.6.2)
    minitest (5.8.2)
    mods (2.0.3)
      iso-639
      nokogiri
      nom-xml (~> 0.5.2)
    mods_display (0.3.5)
      i18n
      stanford-mods
    nokogiri (1.6.6.3)
      mini_portile (~> 0.6.0)
    nom-xml (0.5.4)
      activesupport (>= 3.2.18)
      i18n
      nokogiri
    rack (1.6.2)
    rack-protection (1.5.2)
      rack
    sinatra (1.4.4)
      rack (~> 1.4)
      rack-protection (~> 1.4)
      tilt (~> 1.3, >= 1.3.4)
    stanford-mods (1.1.5)
      mods (~> 2.0.2)
    thread_safe (0.3.5)
    tilt (1.4.1)
    tzinfo (1.2.2)
      thread_safe (~> 0.1)

PLATFORMS
  ruby

DEPENDENCIES
  mods_display
  sinatra

BUNDLED WITH
   1.10.6
