GEM
  remote: https://rubygems.org/
  specs:
    activesupport (4.1.1)
      i18n (~> 0.6, >= 0.6.9)
      json (~> 1.7, >= 1.7.7)
      minitest (~> 5.1)
      thread_safe (~> 0.1)
      tzinfo (~> 1.1)
    i18n (0.6.9)
    iso-639 (0.2.4)
    json (1.8.1)
    mini_portile (0.6.0)
    minitest (5.3.4)
    mods (0.0.23)
      iso-639
      nokogiri
      nom-xml
    mods_display (0.3.3)
      i18n
      stanford-mods
    nokogiri (1.6.2.1)
      mini_portile (= 0.6.0)
    nom-xml (0.5.1)
      activesupport
      i18n
      nokogiri
    rack (1.5.2)
    rack-protection (1.5.2)
      rack
    sinatra (1.4.4)
      rack (~> 1.4)
      rack-protection (~> 1.4)
      tilt (~> 1.3, >= 1.3.4)
    stanford-mods (0.0.27)
      mods
    thread_safe (0.3.4)
    tilt (1.4.1)
    tzinfo (1.2.0)
      thread_safe (~> 0.1)

PLATFORMS
  ruby

DEPENDENCIES
  mods_display
  sinatra
