GEM
  remote: https://rubygems.org/
  specs:
    activesupport (5.0.2)
      concurrent-ruby (~> 1.0, >= 1.0.2)
      i18n (~> 0.7)
      minitest (~> 5.1)
      tzinfo (~> 1.1)
    concurrent-ruby (1.0.5)
    i18n (0.8.1)
    iso-639 (0.2.8)
    mini_portile2 (2.1.0)
    minitest (5.10.1)
    mods (2.1.0)
      iso-639
      nokogiri
      nom-xml (~> 0.6.0)
    mods_display (0.4.1)
      i18n
      stanford-mods (~> 2.1)
    nokogiri (1.7.1)
      mini_portile2 (~> 2.1.0)
    nom-xml (0.6.0)
      activesupport (>= 3.2.18)
      i18n
      nokogiri
    rack (1.6.5)
    rack-protection (1.5.3)
      rack
    sinatra (1.4.8)
      rack (~> 1.5)
      rack-protection (~> 1.4)
      tilt (>= 1.3, < 3)
    stanford-mods (2.4.0)
      activesupport
      mods (~> 2.0, >= 2.0.2)
    thread_safe (0.3.6)
    tilt (2.0.7)
    tzinfo (1.2.3)
      thread_safe (~> 0.1)

PLATFORMS
  ruby

DEPENDENCIES
  mods_display
  sinatra

RUBY VERSION
   ruby 2.3.1p112

BUNDLED WITH
   1.14.4
